GEM
  remote: https://rubygems.org/
  specs:
    rainbow (2.0.0)
    sass (3.4.9)

PLATFORMS
  ruby

DEPENDENCIES
  sass (= 3.4.9)