PATH
  remote: .
  specs:
    pusher-chameleon (1.4.3)

GEM
  remote: https://rubygems.org/
  specs:
    gem_publisher (1.3.1)
    rake (0.9.2.2)
    sass (3.4.22)

PLATFORMS
  ruby

DEPENDENCIES
  gem_publisher (= 1.3.1)
  pusher-chameleon!
  rake (= 0.9.2.2)
  sass (>= 3.2.0)
