PATH
  remote: .
  specs:
    pusher_chameleon (0.5.5)
      sass (>= 3.2.0)

GEM
  remote: https://rubygems.org/
  specs:
    gem_publisher (1.3.1)
    rake (0.9.2.2)
    sass (3.4.22)

PLATFORMS
  ruby

DEPENDENCIES
  gem_publisher (= 1.3.1)
  pusher_chameleon!
  rake (= 0.9.2.2)

BUNDLED WITH
   1.11.2
