PATH
  remote: .
  specs:
    pusher-chameleon (1.4.4)
      sass (>= 3.2.0)

GEM
  remote: https://rubygems.org/
  specs:
    gem_publisher (1.3.1)
    rake (0.9.2.2)
    sass (3.4.23)

PLATFORMS
  ruby

DEPENDENCIES
  gem_publisher (= 1.3.1)
  pusher-chameleon!
  rake (= 0.9.2.2)

BUNDLED WITH
   1.14.3
